GEM
  remote: https://rubygems.org/
  specs:
    activesupport (3.2.16)
      i18n (~> 0.6, >= 0.6.4)
      multi_json (~> 1.0)
    bogus (0.1.4)
      dependor (>= 0.0.4)
    dependor (1.0.1)
    diff-lcs (1.2.5)
    i18n (0.6.9)
    multi_json (1.8.2)
    quacky (0.2.8)
      activesupport (~> 3.2.5)
    rake (10.1.0)
    rspec (2.14.1)
      rspec-core (~> 2.14.0)
      rspec-expectations (~> 2.14.0)
      rspec-mocks (~> 2.14.0)
    rspec-core (2.14.7)
    rspec-expectations (2.14.4)
      diff-lcs (>= 1.1.3, < 2.0)
    rspec-fire (1.3.0)
      rspec (>= 2.11, < 4)
    rspec-mocks (2.14.4)

PLATFORMS
  ruby

DEPENDENCIES
  bogus
  quacky
  rake
  rspec
  rspec-fire
